GEM
  specs:
    addressable (2.8.7)
      public_suffix (>= 2.0.2, < 7.0)
    baran (0.1.12)
    dotenv (3.1.2)
    io-console (0.7.2)
    json-schema (4.3.0)
      addressable (>= 2.8)
    langchainrb (0.15.2)
      baran (~> 0.1.9)
      json-schema (~> 4)
      matrix
      pragmatic_segmenter (~> 0.3.0)
      rainbow (~> 3.1.0)
      zeitwerk (~> 2.5)
    matrix (0.4.2)
    pragmatic_segmenter (0.3.24)
    public_suffix (6.0.1)
    rainbow (3.1.1)
    reline (0.5.9)
      io-console (~> 0.5)
    zeitwerk (2.6.17)

PLATFORMS
  ruby
  x86_64-linux

DEPENDENCIES
  dotenv
  langchainrb (~> 0.15.2)
  reline (~> 0.5.9)

BUNDLED WITH
   2.5.17
